GEM
  remote: http://rubygems.org/
  specs:
    activesupport (3.0.1)
    builder (2.1.2)
    diff-lcs (1.1.2)
    git (1.2.5)
    jeweler (1.5.0.pre6)
      bundler (~> 1.0.0)
      git (>= 1.2.5)
      rake
    nokogiri (1.4.3.1)
    rake (0.8.7)
    rcov (0.9.9)
    rspec (2.1.0)
      rspec-core (~> 2.1.0)
      rspec-expectations (~> 2.1.0)
      rspec-mocks (~> 2.1.0)
    rspec-core (2.1.0)
    rspec-expectations (2.1.0)
      diff-lcs (~> 1.1.2)
    rspec-mocks (2.1.0)
    yajl-ruby (0.7.8)

PLATFORMS
  ruby

DEPENDENCIES
  activesupport (= 3.0.1)
  builder
  bundler (~> 1.0.0)
  jeweler (~> 1.5.0.pre6)
  nokogiri
  rcov
  rspec (= 2.1.0)
  yajl-ruby
